GEM
  remote: https://rubygems.org/
  specs:
    angular_config (0.3.0)
    arr-pm (0.0.11)
      cabin (> 0)
    backports (3.23.0)
    cabin (0.9.0)
    chunky_png (1.4.0)
    clamp (1.0.1)
    compass (1.0.3)
      chunky_png (~> 1.2)
      compass-core (~> 1.0.2)
      compass-import-once (~> 1.0.5)
      rb-fsevent (>= 0.9.3)
      rb-inotify (>= 0.9)
      sass (>= 3.3.13, < 3.5)
    compass-core (1.0.3)
      multi_json (~> 1.0)
      sass (>= 3.3.0, < 3.5)
    compass-import-once (1.0.5)
      sass (>= 3.2, < 3.5)
    dotenv (2.7.6)
    ffi (1.15.5)
    fpm (1.14.1)
      arr-pm (~> 0.0.11)
      backports (>= 2.6.2)
      cabin (>= 0.6.0)
      clamp (~> 1.0.0)
      git (>= 1.3.0, < 2.0)
      json (>= 1.7.7, < 3.0)
      pleaserun (~> 0.0.29)
      rexml
      stud
    git (1.11.0)
      rchardet (~> 1.8)
    insist (1.0.0)
    json (2.6.1)
    multi_json (1.15.0)
    mustache (0.99.8)
    pleaserun (0.0.32)
      cabin (> 0)
      clamp
      dotenv
      insist
      mustache (= 0.99.8)
      stud
    rake (13.0.6)
    rb-fsevent (0.11.1)
    rb-inotify (0.10.1)
      ffi (~> 1.0)
    rchardet (1.8.0)
    rexml (3.2.5)
    sass (3.4.25)
    stud (0.0.23)

PLATFORMS
  ruby

DEPENDENCIES
  angular_config (~> 0.3.0)
  compass
  fpm (= 1.14.1)
  rake (~> 13.0)
